GEM
  remote: https://rubygems.org/
  specs:
    rack (1.6.1)
    rulers (0.1.0)
      rack (~> 1.6.1)

PLATFORMS
  ruby

DEPENDENCIES
  rulers
